PATH
  remote: .
  specs:
    hercule-poro (0.1.0)

GEM
  remote: https://rubygems.org/
  specs:
    minitest (5.17.0)
    minitest-sprint (1.2.2)
      path_expander (~> 1.1)
    path_expander (1.1.1)
    rake (13.0.6)

PLATFORMS
  arm64-darwin-21
  arm64-darwin-22
  x86_64-linux

DEPENDENCIES
  hercule-poro!
  minitest (~> 5.0)
  minitest-sprint
  rake

BUNDLED WITH
   2.4.7
